GEM
  remote: http://rubygems.org/
  specs:
    rake (11.1.1)
    redcarpet (3.3.4)
    rouge (1.10.1)
    sass (3.4.21)
    slim (3.0.6)
      temple (~> 0.7.3)
      tilt (>= 1.3.3, < 2.1)
    temple (0.7.6)
    tilt (2.0.2)

PLATFORMS
  ruby

DEPENDENCIES
  rake (~> 11.1)
  redcarpet (~> 3.0)
  rouge (~> 1.0)
  sass (~> 3.1)
  slim (~> 3.0)

BUNDLED WITH
   1.11.2
