GEM
  remote: http://rubygems.org/
  specs:
    rake (10.1.0)
    redcarpet (3.1.1)
    rouge (1.0.0)
    sass (3.2.12)
    slim (2.0.1)
      temple (~> 0.6.6)
      tilt (>= 1.3.3, < 2.1)
    temple (0.6.7)
    tilt (1.4.1)

PLATFORMS
  ruby

DEPENDENCIES
  rake (~> 10.0)
  redcarpet (~> 3.0)
  rouge (~> 1.0)
  sass (~> 3.1)
  slim (~> 2.0)
