GEM
  remote: http://rubygems.org/
  specs:
    rake (10.4.2)
    redcarpet (3.2.2)
    rouge (1.8.0)
    sass (3.4.13)
    slim (2.1.0)
      temple (~> 0.6.9)
      tilt (>= 1.3.3, < 2.1)
    temple (0.6.10)
    tilt (2.0.1)

PLATFORMS
  ruby

DEPENDENCIES
  rake (~> 10.0)
  redcarpet (~> 3.0)
  rouge (~> 1.0)
  sass (~> 3.1)
  slim (~> 2.0)
