GEM
  remote: https://rubygems.org/
  specs:
    ffi (1.10.0)
    rake (12.3.2)
    rb-fsevent (0.10.3)
    rb-inotify (0.10.0)
      ffi (~> 1.0)
    redcarpet (3.4.0)
    rouge (3.3.0)
    sass (3.7.3)
      sass-listen (~> 4.0.0)
    sass-listen (4.0.0)
      rb-fsevent (~> 0.9, >= 0.9.4)
      rb-inotify (~> 0.9, >= 0.9.7)
    slim (4.0.1)
      temple (>= 0.7.6, < 0.9)
      tilt (>= 2.0.6, < 2.1)
    temple (0.8.0)
    tilt (2.0.9)

PLATFORMS
  ruby

DEPENDENCIES
  rake (~> 12)
  redcarpet (~> 3)
  rouge (~> 3)
  sass (~> 3)
  slim (~> 4)

BUNDLED WITH
   1.17.2
