GEM
  remote: http://rubygems.org/
  specs:
    rake (10.1.0)
    redcarpet (2.3.0)
    rouge (0.5.4)
    sass (3.2.12)
    slim (1.3.9)
      temple (~> 0.6.3)
      tilt (~> 1.3, >= 1.3.3)
    temple (0.6.7)
    tilt (1.4.1)

PLATFORMS
  ruby

DEPENDENCIES
  rake (~> 10.0)
  redcarpet (~> 2.2)
  rouge (~> 0.2)
  sass (~> 3.1)
  slim (~> 1.3, >= 1.3.7)
