GEM
  remote: https://rubygems.org/
  specs:
    ffi (1.17.2)
    psych (4.0.6)
      stringio
    rake (13.3.0)
    rb-fsevent (0.11.2)
    rb-inotify (0.11.1)
      ffi (~> 1.0)
    redcarpet (3.6.1)
    rouge (4.6.0)
    sass (3.7.4)
      sass-listen (~> 4.0.0)
    sass-listen (4.0.0)
      rb-fsevent (~> 0.9, >= 0.9.4)
      rb-inotify (~> 0.9, >= 0.9.7)
    slim (5.2.1)
      temple (~> 0.10.0)
      tilt (>= 2.1.0)
    stringio (3.1.7)
    temple (0.10.4)
    tilt (2.6.1)

PLATFORMS
  ruby

DEPENDENCIES
  psych (~> 4)
  rake (~> 13)
  redcarpet (~> 3)
  rouge (~> 4)
  sass (~> 3)
  slim (~> 5)

BUNDLED WITH
   2.3.23
